GEM
  remote: http://rubygems.org/
  specs:
    contractual (0.0.2)
    fakeweb (1.3.0)
    httparty (0.13.7)
      json (~> 1.8)
      multi_xml (>= 0.5.2)
    json (1.8.3)
    json (1.8.3-java)
    minitest (5.8.4)
    multi_xml (0.5.5)
    vcr (3.0.1)

PLATFORMS
  java
  ruby

DEPENDENCIES
  contractual
  fakeweb
  httparty
  minitest
  vcr
